GIT
  remote: https://github.com/NickTomlin/quote-tag.git
  revision: 090d534ccf1dbd783a344967e0e7ac5d6a1e71f3
  branch: master
  specs:
    octopress-quote-tag (2.0.0)
      jekyll
      rubypants

GIT
  remote: https://github.com/andrewdavidbell/linkblog.git
  revision: db3287fc3b454046986a7f22112185e9d604795b
  branch: jekyll3
  specs:
    octopress-linkblog (3.0.0)
      jekyll (>= 3.0.0.a, < 4)
      titlecase

GIT
  remote: https://github.com/iphoting/ink.git
  revision: a81b195c11824f1539915138a99047df1b5b1282
  branch: jekyll-3
  specs:
    octopress-ink (1.2.1)
      jekyll (>= 2.0)
      octopress (~> 3.0)
      octopress-autoprefixer
      octopress-date-format
      octopress-filters (~> 1.1)
      octopress-hooks (~> 2.2)
      octopress-include-tag (~> 1.0)
      uglifier (~> 2.5)

GIT
  remote: https://github.com/mkleucker/codefence.git
  revision: 1ff084fe35c8c8f68732065407a1a93d70d585af
  branch: fix-warning-deprecated
  specs:
    octopress-codefence (1.7.0)
      jekyll (~> 3.0)
      octopress-code-highlighter (~> 4.2)

GIT
  remote: https://github.com/randycoulman/code-highlighter.git
  revision: 22d6e0afb9cbbe174640444da9382f9cd7aae474
  branch: handle-multiline-spans
  specs:
    octopress-code-highlighter (4.3.0)
      jekyll (~> 3.0)

GEM
  remote: https://rubygems.org/
  specs:
    addressable (2.8.0)
      public_suffix (>= 2.0.2, < 5.0)
    autoprefixer-rails (9.7.6)
      execjs
    colorator (1.1.0)
    concurrent-ruby (1.1.6)
    em-websocket (0.5.1)
      eventmachine (>= 0.12.9)
      http_parser.rb (~> 0.6.0)
    eventmachine (1.2.7)
    execjs (2.7.0)
    faraday (1.0.1)
      multipart-post (>= 1.2, < 3)
    ffi (1.13.1)
    forwardable-extended (2.6.0)
    http_parser.rb (0.6.0)
    i18n (0.9.5)
      concurrent-ruby (~> 1.0)
    jekyll (3.8.7)
      addressable (~> 2.4)
      colorator (~> 1.0)
      em-websocket (~> 0.5)
      i18n (~> 0.7)
      jekyll-sass-converter (~> 1.0)
      jekyll-watch (~> 2.0)
      kramdown (~> 1.14)
      liquid (~> 4.0)
      mercenary (~> 0.3.3)
      pathutil (~> 0.9)
      rouge (>= 1.7, < 4)
      safe_yaml (~> 1.0)
    jekyll-feed (0.9.3)
      jekyll (~> 3.3)
    jekyll-gist (1.5.0)
      octokit (~> 4.2)
    jekyll-paginate (1.1.0)
    jekyll-redirect-from (0.16.0)
      jekyll (>= 3.3, < 5.0)
    jekyll-sass-converter (1.3.0)
      sass (~> 3.2)
    jekyll-scalafiddle (1.0.1)
      jekyll (~> 3.0)
    jekyll-sitemap (1.4.0)
      jekyll (>= 3.7, < 5.0)
    jekyll-theme-hydeout (3.7.1)
      jekyll (~> 3.4)
      jekyll-feed (~> 0.6)
      jekyll-gist (~> 1.4)
      jekyll-paginate (~> 1.1)
    jekyll-watch (2.2.1)
      listen (~> 3.0)
    json (2.3.0)
    kramdown (1.17.0)
    liquid (4.0.3)
    listen (3.2.1)
      rb-fsevent (~> 0.10, >= 0.10.3)
      rb-inotify (~> 0.9, >= 0.9.10)
    mercenary (0.3.6)
    multipart-post (2.1.1)
    octokit (4.18.0)
      faraday (>= 0.9)
      sawyer (~> 0.8.0, >= 0.5.3)
    octopress (3.0.11)
      jekyll (>= 2.0)
      mercenary (~> 0.3.2)
      octopress-deploy
      octopress-escape-code (~> 2.0)
      octopress-hooks (~> 2.0)
      redcarpet (~> 3.0)
      titlecase
    octopress-autoprefixer (2.0.1)
      autoprefixer-rails
      jekyll (~> 3.0)
    octopress-codeblock (1.0.5)
      octopress-code-highlighter (~> 4.2)
    octopress-date-format (3.0.3)
      jekyll (>= 2.0)
    octopress-deploy (1.3.0)
      colorator
    octopress-escape-code (2.1.1)
      jekyll (~> 3.0)
    octopress-filters (1.4.0)
      jekyll
      octopress-hooks (~> 2.0)
      rubypants-unicode
      titlecase
    octopress-gist (1.3.5)
      octopress-code-highlighter (~> 4.2)
    octopress-hooks (2.6.2)
      jekyll (>= 2.0)
    octopress-image-tag (1.1.0)
      jekyll
    octopress-include-tag (1.1.3)
      jekyll (>= 2.0)
      octopress-tag-helpers (~> 1.0)
    octopress-solarized (1.1.2)
      octopress-ink (~> 1.0)
    octopress-tag-helpers (1.0.9)
      jekyll (>= 2.0)
    pathutil (0.16.2)
      forwardable-extended (~> 2.6)
    public_suffix (4.0.6)
    rb-fsevent (0.10.4)
    rb-inotify (0.10.1)
      ffi (~> 1.0)
    rdiscount (2.2.0.1)
    redcarpet (3.5.0)
    rouge (3.20.0)
    rubypants (0.7.1)
    rubypants-unicode (0.2.5)
    safe_yaml (1.0.5)
    sass (3.2.19)
    sawyer (0.8.2)
      addressable (>= 2.3.5)
      faraday (> 0.8, < 2.0)
    titlecase (0.1.1)
    uglifier (2.7.2)
      execjs (>= 0.3.0)
      json (>= 1.8.0)

PLATFORMS
  ruby

DEPENDENCIES
  jekyll (~> 3.8.3)
  jekyll-feed (~> 0.9.2)
  jekyll-paginate
  jekyll-redirect-from
  jekyll-scalafiddle
  jekyll-sitemap
  jekyll-theme-hydeout (~> 3.4)
  octopress
  octopress-code-highlighter!
  octopress-codeblock
  octopress-codefence!
  octopress-gist
  octopress-image-tag
  octopress-ink!
  octopress-linkblog!
  octopress-quote-tag!
  octopress-solarized
  rdiscount
  sass (= 3.2.19)

BUNDLED WITH
   1.16.3
